PATH
  remote: .
  specs:
    bookcrawler (0.1.0)
      vacuum (~> 1.3.0)
      vcr (~> 2.9.3)
      webmock (~> 1.19.0)

GEM
  remote: https://rubygems.org/
  specs:
    addressable (2.3.8)
    awesome_print (1.2.0)
    crack (0.4.2)
      safe_yaml (~> 1.0.0)
    excon (0.45.4)
    jeff (1.5.1)
      excon (>= 0.22.1)
    minitest (5.5.1)
    multi_xml (0.5.5)
    rake (10.4.2)
    safe_yaml (1.0.4)
    vacuum (1.3.0)
      jeff (~> 1.0)
      multi_xml (~> 0.5.0)
    vcr (2.9.3)
    webmock (1.19.0)
      addressable (>= 2.3.6)
      crack (>= 0.3.2)

PLATFORMS
  ruby

DEPENDENCIES
  awesome_print
  bookcrawler!
  bundler (~> 1.10)
  minitest
  rake (~> 10.0)

BUNDLED WITH
   1.10.6
