PATH
  remote: .
  specs:
    bookcrawler (0.3.0)
      vacuum (~> 2.1.1)
      vcr (~> 2.9.3)
      webmock (~> 1.19.0)

GEM
  remote: https://rubygems.org/
  specs:
    addressable (2.6.0)
      public_suffix (>= 2.0.2, < 4.0)
    awesome_print (1.2.0)
    crack (0.4.3)
      safe_yaml (~> 1.0.0)
    ethon (0.11.0)
      ffi (>= 1.3.0)
    excon (0.62.0)
    ffi (1.9.23)
    jeff (2.0.0)
      excon (>= 0.22.1)
    minitest (5.5.1)
    multi_xml (0.6.0)
    public_suffix (3.0.3)
    rake (10.4.2)
    safe_yaml (1.0.4)
    typhoeus (1.3.0)
      ethon (>= 0.9.0)
    vacuum (2.1.1)
      jeff (~> 2.0)
      multi_xml (~> 0.6.0)
    vcr (2.9.3)
    webmock (1.19.0)
      addressable (>= 2.3.6)
      crack (>= 0.3.2)

PLATFORMS
  ruby

DEPENDENCIES
  awesome_print
  bookcrawler!
  bundler (~> 1.10)
  minitest
  rake (~> 10.0)
  typhoeus

BUNDLED WITH
   1.17.1
